GEM
  remote: https://rubygems.org/
  specs:
    gosu (1.4.6)
    minitest (5.25.1)

PLATFORMS
  ruby

DEPENDENCIES
  gosu (~> 1.4)
  minitest (~> 5.14)

RUBY VERSION
   ruby 3.3.0p0

BUNDLED WITH
   2.5.20
