GEM
  remote: https://rubygems.org/
  specs:
    byebug (11.1.3)
    coderay (1.1.3)
    gosu (1.4.6)
    method_source (1.1.0)
    minitest (5.25.1)
    pry (0.14.2)
      coderay (~> 1.1)
      method_source (~> 1.0)
    pry-byebug (3.10.1)
      byebug (~> 11.0)
      pry (>= 0.13, < 0.15)

PLATFORMS
  ruby

DEPENDENCIES
  gosu (~> 1.4)
  minitest (~> 5.14)
  pry-byebug

RUBY VERSION
   ruby 3.3.0p0

BUNDLED WITH
   2.5.20
